GEM
  remote: http://rubygems.org/
  specs:
    activesupport (3.2.12)
      i18n (~> 0.6)
      multi_json (~> 1.0)
    bcrypt-ruby (3.0.1)
    cql-rb (1.0.0.pre1)
    daemons (1.1.9)
    eventmachine (1.0.1)
    hashie (2.0.2)
    i18n (0.6.4)
    multi_json (1.6.1)
    rack (1.5.2)
    rack-protection (1.4.0)
      rack
    simple_uuid (0.3.0)
    sinatra (1.3.5)
      rack (~> 1.4)
      rack-protection (~> 1.3)
      tilt (~> 1.3, >= 1.3.3)
    sinatra-flash (0.3.0)
      sinatra (>= 1.0.0)
    thin (1.5.0)
      daemons (>= 1.0.9)
      eventmachine (>= 0.12.6)
      rack (>= 1.0.0)
    tilt (1.3.4)

PLATFORMS
  ruby

DEPENDENCIES
  activesupport
  bcrypt-ruby
  cql-rb (~> 1.0.0.pre0)
  hashie
  simple_uuid
  sinatra
  sinatra-flash
  thin
